GEM
  remote: http://rubygems.org/
  specs:
    ansi (1.5.0)
    awesome_print (1.8.0)
    builder (3.2.3)
    csv (3.1.1)
    minitest (5.11.3)
    minitest-reporters (1.3.8)
      ansi
      builder
      minitest (>= 5.0)
      ruby-progressbar
    minitest-skip (0.0.1)
      minitest (~> 5.0)
    rake (12.3.3)
    ruby-progressbar (1.10.1)

PLATFORMS
  ruby

DEPENDENCIES
  awesome_print
  csv
  minitest
  minitest-reporters
  minitest-skip
  rake

RUBY VERSION
   ruby 2.5.5p157

BUNDLED WITH
   2.0.2
